GEM
  remote: https://rubygems.org/
  specs:
    logger (1.2.8)

PLATFORMS
  ruby

DEPENDENCIES
  logger (= 1.2.8)

BUNDLED WITH
   1.12.5
